GEM
  remote: https://rubygems.org/
  specs:
    RedCloth (4.2.9)
    haml (4.0.2)
      tilt
    haml-contrib (1.0.0)
      haml (>= 3.2.0.alpha.13)
    mustermann (1.1.1)
      ruby2_keywords (~> 0.0.1)
    rack (2.2.3)
    rack-protection (2.2.0)
      rack
    ruby2_keywords (0.0.5)
    sass (3.2.8)
    sinatra (2.2.0)
      mustermann (~> 1.0)
      rack (~> 2.2)
      rack-protection (= 2.2.0)
      tilt (~> 2.0)
    tilt (2.0.10)

PLATFORMS
  ruby

DEPENDENCIES
  RedCloth
  haml
  haml-contrib
  sass
  sinatra
