GEM
  remote: https://rubygems.org/
  specs:
    RedCloth (4.2.9)
    haml (5.0.0)
      temple (>= 0.8.0)
      tilt
    haml-contrib (1.0.0)
      haml (>= 3.2.0.alpha.13)
    rack (1.5.2)
    rack-protection (1.5.0)
      rack
    sass (3.2.8)
    sinatra (1.4.2)
      rack (~> 1.5, >= 1.5.2)
      rack-protection (~> 1.4)
      tilt (~> 1.3, >= 1.3.4)
    temple (0.8.2)
    tilt (1.4.1)

PLATFORMS
  ruby

DEPENDENCIES
  RedCloth
  haml
  haml-contrib
  sass
  sinatra
