GEM
  remote: https://rubygems.org/
  specs:
    RedCloth (4.2.9)
    haml (4.0.2)
      tilt
    haml-contrib (1.0.0)
      haml (>= 3.2.0.alpha.13)
    rack (1.6.13)
    rack-protection (1.5.5)
      rack
    sass (3.2.8)
    sinatra (1.4.2)
      rack (~> 1.5, >= 1.5.2)
      rack-protection (~> 1.4)
      tilt (~> 1.3, >= 1.3.4)
    tilt (1.3.7)

PLATFORMS
  ruby

DEPENDENCIES
  RedCloth
  haml
  haml-contrib
  sass
  sinatra
